GEM
  remote: http://rubygems.org/
  specs:
    activesupport (3.0.0.beta3)
      builder (~> 2.1.2)
      i18n (~> 0.3.6)
      memcache-client (>= 1.7.5)
      tzinfo (~> 0.3.16)
    builder (2.1.2)
    eventmachine (0.12.10)
    i18n (0.3.7)
    jferris-mocha (0.9.8.20100526112143)
      rake
    memcache-client (1.8.5)
    minitest (1.7.1)
    nokogiri (1.4.3.1)
    rake (0.8.7)
    tzinfo (0.3.23)

PLATFORMS
  ruby

DEPENDENCIES
  activesupport
  eventmachine
  jferris-mocha
  minitest
  nokogiri
  rake
